PATH
  remote: .
  specs:
    minim_locales (0.1.2)

GEM
  remote: https://rubygems.org/
  specs:
    rake (13.0.3)
    thor (1.2.1)

PLATFORMS
  ruby
  x86_64-darwin-20

DEPENDENCIES
  minim_locales!
  rake (~> 13.0)
  thor

BUNDLED WITH
   2.2.3
