PATH
  remote: .
  specs:
    rake_locales (0.1.2)

GEM
  remote: https://rubygems.org/
  specs:
    rake (13.0.3)

PLATFORMS
  ruby
  x86_64-darwin-20

DEPENDENCIES
  rake (~> 13.0)
  rake_locales!

BUNDLED WITH
   2.2.3
